GEM
  remote: https://rubygems.org/
  specs:
    graphviz (1.0.0)
      process-pipeline
    process-group (1.1.0)
    process-pipeline (1.0.1)
      process-group
    rake (12.3.1)
    rouge (3.1.1)

PLATFORMS
  ruby

DEPENDENCIES
  graphviz!
  rake!
  rouge!

RUBY VERSION
   ruby 2.5.0p0

BUNDLED WITH
   1.16.1
