GEM
  remote: https://rubygems.org/
  specs:
    rake (12.3.1)
    rouge (3.1.1)

PLATFORMS
  ruby

DEPENDENCIES
  rake!
  rouge!

BUNDLED WITH
   1.16.0
