GEM
  remote: https://rubygems.org/
  specs:
    rake (12.3.1)
    rouge (3.1.1)

PLATFORMS
  ruby

DEPENDENCIES
  rake!
  rouge!

RUBY VERSION
   ruby 2.5.0p0

BUNDLED WITH
   1.16.1
